GEM
  remote: https://rubygems.org/
  specs:
    minitest (5.8.4)
    rake (10.5.0)
    serialport (1.3.1)

PLATFORMS
  ruby

DEPENDENCIES
  minitest
  rake
  serialport

BUNDLED WITH
   1.11.2
